GIT
  remote: https://github.com/chriseppstein/compass.git
  revision: 24ed97d9201253392c779dd62f6090f129959c44
  branch: rails31
  specs:
    compass (0.11.1.24ed97d)
      chunky_png (~> 1.1)
      fssm (>= 0.2.7)
      sass (~> 3.1)

GIT
  remote: https://github.com/rails/sass-rails.git
  revision: 4771b3f3f0641eed1f90686de9c261ac1f792518
  specs:
    sass-rails (3.1.0.rc.2)
      actionpack (~> 3.1.0.rc1)
      railties (~> 3.1.0.rc1)
      sass (>= 3.1.2)
      sprockets (>= 2.0.0.beta.9)

GEM
  remote: http://rubygems.org/
  specs:
    actionmailer (3.1.0.rc2)
      actionpack (= 3.1.0.rc2)
      mail (~> 2.3.0)
    actionpack (3.1.0.rc2)
      activemodel (= 3.1.0.rc2)
      activesupport (= 3.1.0.rc2)
      builder (~> 3.0.0)
      erubis (~> 2.7.0)
      i18n (~> 0.6)
      rack (~> 1.3.0)
      rack-cache (~> 1.0.1)
      rack-mount (~> 0.8.1)
      rack-test (~> 0.6.0)
      sprockets (~> 2.0.0.beta.10)
      tzinfo (~> 0.3.27)
    activemodel (3.1.0.rc2)
      activesupport (= 3.1.0.rc2)
      bcrypt-ruby (~> 2.1.4)
      builder (~> 3.0.0)
      i18n (~> 0.6)
    activerecord (3.1.0.rc2)
      activemodel (= 3.1.0.rc2)
      activesupport (= 3.1.0.rc2)
      arel (~> 2.1.1)
      tzinfo (~> 0.3.27)
    activeresource (3.1.0.rc2)
      activemodel (= 3.1.0.rc2)
      activesupport (= 3.1.0.rc2)
    activesupport (3.1.0.rc2)
      multi_json (~> 1.0)
    ansi (1.2.5)
    arel (2.1.1)
    bcrypt-ruby (2.1.4)
    builder (3.0.0)
    chunky_png (1.2.0)
    coffee-script (2.2.0)
      coffee-script-source
      execjs
    coffee-script-source (1.1.1)
    erubis (2.7.0)
    execjs (1.1.1)
      multi_json (~> 1.0)
    fssm (0.2.7)
    haml (3.1.2)
    hike (1.0.0)
    i18n (0.6.0)
    jquery-rails (1.0.9)
      railties (~> 3.0)
      thor (~> 0.14)
    mail (2.3.0)
      i18n (>= 0.4.0)
      mime-types (~> 1.16)
      treetop (~> 1.4.8)
    mime-types (1.16)
    multi_json (1.0.3)
    polyglot (0.3.1)
    rack (1.3.0)
    rack-cache (1.0.2)
      rack (>= 0.4)
    rack-mount (0.8.1)
      rack (>= 1.0.0)
    rack-ssl (1.3.2)
      rack
    rack-test (0.6.0)
      rack (>= 1.0)
    rails (3.1.0.rc2)
      actionmailer (= 3.1.0.rc2)
      actionpack (= 3.1.0.rc2)
      activerecord (= 3.1.0.rc2)
      activeresource (= 3.1.0.rc2)
      activesupport (= 3.1.0.rc2)
      bundler (~> 1.0)
      railties (= 3.1.0.rc2)
    railties (3.1.0.rc2)
      actionpack (= 3.1.0.rc2)
      activesupport (= 3.1.0.rc2)
      rack-ssl (~> 1.3.2)
      rake (>= 0.8.7)
      thor (~> 0.14.6)
    rake (0.9.2)
    sass (3.1.2)
    sprockets (2.0.0.beta.10)
      hike (~> 1.0)
      rack (~> 1.0)
      tilt (!= 1.3.0, ~> 1.1)
    sqlite3 (1.3.3)
    thor (0.14.6)
    tilt (1.3.2)
    treetop (1.4.9)
      polyglot (>= 0.3.1)
    turn (0.8.2)
      ansi (>= 1.2.2)
    tzinfo (0.3.27)
    uglifier (0.5.4)
      execjs (>= 0.3.0)
      multi_json (>= 1.0.2)

PLATFORMS
  ruby

DEPENDENCIES
  coffee-script
  compass!
  haml
  jquery-rails
  rails (= 3.1.0.rc2)
  sass-rails!
  sqlite3
  turn
  uglifier
